GEM
  remote: https://rubygems.org/
  specs:
    minitest (5.14.2)
    rake (10.5.0)

PLATFORMS
  ruby

DEPENDENCIES
  minitest
  rake (~> 10.0)

BUNDLED WITH
   1.13.6
